GEM
  specs:
    minitest (5.8.3)

PLATFORMS
  ruby

DEPENDENCIES
  minitest

BUNDLED WITH
   1.12.3
